{
	"Modality": "MR",
	"MagneticFieldStrength": 3,
	"ImagingFrequency": 123.227,
	"Manufacturer": "Siemens",
	"ManufacturersModelName": "TrioTim",
	"InstitutionName": "Royal Holloway University",
	"InstitutionalDepartmentName": "Department",
	"InstitutionAddress": "Street StreetNo,Egham,SE,GB,TW20 0EX",
	"DeviceSerialNumber": "35080",
	"StationName": "MRC35080",
	"PatientPosition": "HFS",
	"ProcedureStepDescription": "Holloway^Jo",
	"SoftwareVersions": "syngo MR B17",
	"MRAcquisitionType": "2D",
	"SeriesDescription": "ep2d_diff_mddw_64",
	"ProtocolName": "ep2d_diff_mddw_64",
	"ScanningSequence": "EP",
	"SequenceVariant": "SK\\SP",
	"ScanOptions": "PFP\\FS",
	"SequenceName": "*ep_b0",
	"ImageType": ["ORIGINAL", "PRIMARY", "DIFFUSION", "NONE", "ND", "MOSAIC"],
	"SeriesNumber": 2,
	"AcquisitionTime": "13:08:41.537500",
	"AcquisitionNumber": 1,
	"SliceThickness": 2,
	"SpacingBetweenSlices": 2,
	"SAR": 0.391922,
	"EchoTime": 0.09,
	"RepetitionTime": 7.8,
	"FlipAngle": 90,
	"PartialFourier": 0.75,
	"BaseResolution": 96,
	"ShimSetting": [
		-7858,
		-28700,
		-11220,
		1072,
		76,
		1005,
		-435,
		-168	],
	"DiffusionScheme": "Monopolar",
	"TxRefAmp": 308.665,
	"PhaseResolution": 1,
	"ReceiveCoilName": "32Ch_Head",
	"CoilString": "C:HEA;HEP",
	"PulseSequenceDetails": "%SiemensSeq%\\ep2d_diff",
	"RefLinesPE": 28,
	"PercentPhaseFOV": 100,
	"PercentSampling": 100,
	"PhaseEncodingSteps": 76,
	"AcquisitionMatrixPE": 96,
	"ReconMatrixPE": 96,
	"BandwidthPerPixelPhaseEncode": 28.935,
	"ParallelReductionFactorInPlane": 2,
	"EffectiveEchoSpacing": 0.000360002,
	"DerivedVendorReportedEchoSpacing": 0.000720005,
	"TotalReadoutTime": 0.0342002,
	"PixelBandwidth": 1578,
	"DwellTime": 3.3e-06,
	"PhaseEncodingDirection": "j-",
	"SliceTiming": [
		0,
		3.9775,
		0.125,
		4.1025,
		0.2475,
		4.225,
		0.3725,
		4.35,
		0.4975,
		4.475,
		0.6225,
		4.6,
		0.745,
		4.7225,
		0.87,
		4.8475,
		0.995,
		4.9725,
		1.1175,
		5.095,
		1.2425,
		5.22,
		1.3675,
		5.345,
		1.4925,
		5.47,
		1.615,
		5.5925,
		1.74,
		5.7175,
		1.865,
		5.8425,
		1.9875,
		5.965,
		2.1125,
		6.09,
		2.2375,
		6.215,
		2.3625,
		6.34,
		2.485,
		6.4625,
		2.61,
		6.5875,
		2.735,
		6.7125,
		2.86,
		6.8375,
		2.9825,
		6.96,
		3.1075,
		7.085,
		3.2325,
		7.21,
		3.355,
		7.3325,
		3.48,
		7.4575,
		3.605,
		7.5825,
		3.73,
		7.7075,
		3.8525	],
	"ImageOrientationPatientDICOM": [
		1,
		0,
		0,
		0,
		1,
		0	],
	"InPlanePhaseEncodingDirectionDICOM": "COL",
	"ConversionSoftware": "dcm2niix",
	"ConversionSoftwareVersion": "v1.0.20210317"
}
