{
	"Modality": "MR",
	"MagneticFieldStrength": 3,
	"ImagingFrequency": 123.227,
	"Manufacturer": "Siemens",
	"ManufacturersModelName": "TrioTim",
	"InstitutionName": "Royal Holloway University",
	"InstitutionalDepartmentName": "Department",
	"InstitutionAddress": "Street StreetNo,Egham,SE,GB,TW20 0EX",
	"DeviceSerialNumber": "35080",
	"StationName": "MRC35080",
	"PatientPosition": "HFS",
	"ProcedureStepDescription": "Holloway^Jo",
	"SoftwareVersions": "syngo MR B17",
	"MRAcquisitionType": "2D",
	"SeriesDescription": "ep2d_diff_mddw_64",
	"ProtocolName": "ep2d_diff_mddw_64",
	"ScanningSequence": "EP",
	"SequenceVariant": "SK\\SP",
	"ScanOptions": "PFP\\FS",
	"SequenceName": "*ep_b0",
	"ImageType": ["ORIGINAL", "PRIMARY", "DIFFUSION", "NONE", "ND", "MOSAIC"],
	"SeriesNumber": 2,
	"AcquisitionTime": "09:58:46.625000",
	"AcquisitionNumber": 1,
	"SliceThickness": 2,
	"SpacingBetweenSlices": 2,
	"SAR": 0.409854,
	"EchoTime": 0.09,
	"RepetitionTime": 7.8,
	"FlipAngle": 90,
	"PartialFourier": 0.75,
	"BaseResolution": 96,
	"ShimSetting": [
		-7913,
		-28792,
		-11256,
		696,
		-53,
		601,
		55,
		8	],
	"DiffusionScheme": "Monopolar",
	"TxRefAmp": 309.08,
	"PhaseResolution": 1,
	"ReceiveCoilName": "32Ch_Head",
	"CoilString": "C:HEA;HEP",
	"PulseSequenceDetails": "%SiemensSeq%\\ep2d_diff",
	"RefLinesPE": 28,
	"PercentPhaseFOV": 100,
	"PercentSampling": 100,
	"PhaseEncodingSteps": 76,
	"AcquisitionMatrixPE": 96,
	"ReconMatrixPE": 96,
	"BandwidthPerPixelPhaseEncode": 28.935,
	"ParallelReductionFactorInPlane": 2,
	"EffectiveEchoSpacing": 0.000360002,
	"DerivedVendorReportedEchoSpacing": 0.000720005,
	"TotalReadoutTime": 0.0342002,
	"PixelBandwidth": 1578,
	"DwellTime": 3.3e-06,
	"PhaseEncodingDirection": "j-",
	"SliceTiming": [
		0,
		3.9775,
		0.125,
		4.1025,
		0.25,
		4.2275,
		0.375,
		4.3525,
		0.4975,
		4.475,
		0.6225,
		4.6,
		0.7475,
		4.725,
		0.87,
		4.8475,
		0.995,
		4.9725,
		1.12,
		5.0975,
		1.245,
		5.2225,
		1.3675,
		5.345,
		1.4925,
		5.47,
		1.6175,
		5.595,
		1.7425,
		5.72,
		1.865,
		5.8425,
		1.99,
		5.9675,
		2.115,
		6.0925,
		2.2375,
		6.215,
		2.3625,
		6.34,
		2.4875,
		6.465,
		2.6125,
		6.59,
		2.735,
		6.7125,
		2.86,
		6.8375,
		2.985,
		6.9625,
		3.1075,
		7.085,
		3.2325,
		7.21,
		3.3575,
		7.335,
		3.4825,
		7.46,
		3.605,
		7.5825,
		3.73,
		7.7075,
		3.855	],
	"ImageOrientationPatientDICOM": [
		1,
		0,
		0,
		0,
		1,
		0	],
	"InPlanePhaseEncodingDirectionDICOM": "COL",
	"ConversionSoftware": "dcm2niix",
	"ConversionSoftwareVersion": "v1.0.20210317"
}
