{
	"Modality": "MR",
	"MagneticFieldStrength": 3,
	"ImagingFrequency": 123.226,
	"Manufacturer": "Siemens",
	"ManufacturersModelName": "TrioTim",
	"InstitutionName": "Royal Holloway University",
	"InstitutionalDepartmentName": "Department",
	"InstitutionAddress": "Street StreetNo,Egham,SE,GB,TW20 0EX",
	"DeviceSerialNumber": "35080",
	"StationName": "MRC35080",
	"PatientPosition": "HFS",
	"ProcedureStepDescription": "Holloway^Jo",
	"SoftwareVersions": "syngo MR B17",
	"MRAcquisitionType": "2D",
	"SeriesDescription": "ep2d_CBUseq_RestingState",
	"ProtocolName": "ep2d_CBUseq_RestingState",
	"ScanningSequence": "EP",
	"SequenceVariant": "SK",
	"ScanOptions": "FS",
	"SequenceName": "*epfid2d1_64",
	"ImageType": ["ORIGINAL", "PRIMARY", "M", "ND", "NORM", "MOSAIC"],
	"SeriesNumber": 6,
	"AcquisitionTime": "13:18:26.897500",
	"AcquisitionNumber": 1,
	"SliceThickness": 3,
	"SpacingBetweenSlices": 3.75,
	"SAR": 0.120639,
	"EchoTime": 0.03,
	"RepetitionTime": 2,
	"FlipAngle": 78,
	"PartialFourier": 1,
	"BaseResolution": 64,
	"ShimSetting": [
		-7917,
		-28813,
		-10945,
		623,
		-23,
		233,
		261,
		-71	],
	"TxRefAmp": 318.643,
	"PhaseResolution": 1,
	"ReceiveCoilName": "32Ch_Head",
	"CoilString": "C:HEA;HEP",
	"PulseSequenceDetails": "%SiemensSeq%\\ep2d_bold",
	"PercentPhaseFOV": 100,
	"PercentSampling": 100,
	"PhaseEncodingSteps": 64,
	"AcquisitionMatrixPE": 64,
	"ReconMatrixPE": 64,
	"BandwidthPerPixelPhaseEncode": 30.637,
	"EffectiveEchoSpacing": 0.000510004,
	"DerivedVendorReportedEchoSpacing": 0.000510004,
	"TotalReadoutTime": 0.0321303,
	"PixelBandwidth": 2232,
	"DwellTime": 3.5e-06,
	"PhaseEncodingDirection": "j-",
	"SliceTiming": [
		1.945,
		1.8825,
		1.82,
		1.7575,
		1.695,
		1.6325,
		1.57,
		1.5075,
		1.445,
		1.38,
		1.3175,
		1.255,
		1.1925,
		1.13,
		1.0675,
		1.005,
		0.9425,
		0.88,
		0.8175,
		0.755,
		0.69,
		0.6275,
		0.565,
		0.5025,
		0.44,
		0.3775,
		0.315,
		0.2525,
		0.19,
		0.1275,
		0.065,
		0	],
	"ImageOrientationPatientDICOM": [
		0.999892,
		0.00497908,
		0.0138354,
		2.23717e-09,
		0.940924,
		-0.338618	],
	"InPlanePhaseEncodingDirectionDICOM": "COL",
	"ConversionSoftware": "dcm2niix",
	"ConversionSoftwareVersion": "v1.0.20210317"
}
