{
	"Modality": "MR",
	"MagneticFieldStrength": 3,
	"ImagingFrequency": 123.226,
	"Manufacturer": "Siemens",
	"ManufacturersModelName": "TrioTim",
	"InstitutionName": "Royal Holloway University",
	"InstitutionalDepartmentName": "Department",
	"InstitutionAddress": "Street StreetNo,Egham,SE,GB,TW20 0EX",
	"DeviceSerialNumber": "35080",
	"StationName": "MRC35080",
	"PatientPosition": "HFS",
	"ProcedureStepDescription": "Holloway^Jo",
	"SoftwareVersions": "syngo MR B17",
	"MRAcquisitionType": "3D",
	"SeriesDescription": "t1_mpr_sag_iso",
	"ProtocolName": "t1_mpr_sag_iso",
	"ScanningSequence": "GR\\IR",
	"SequenceVariant": "SP\\MP",
	"ScanOptions": "IR",
	"SequenceName": "*tfl3d1_ns",
	"ImageType": ["ORIGINAL", "PRIMARY", "M", "ND", "NORM"],
	"SeriesNumber": 2,
	"AcquisitionTime": "13:03:28.582500",
	"AcquisitionNumber": 1,
	"SliceThickness": 1,
	"SAR": 0.118547,
	"EchoTime": 0.00303,
	"RepetitionTime": 1.83,
	"InversionTime": 1.1,
	"FlipAngle": 11,
	"PartialFourier": 1,
	"BaseResolution": 256,
	"ShimSetting": [
		-7929,
		-28920,
		-11437,
		-158,
		-4,
		25,
		-265,
		-35	],
	"TxRefAmp": 318.643,
	"PhaseResolution": 1,
	"ReceiveCoilName": "32Ch_Head",
	"CoilString": "C:HEA;HEP",
	"PulseSequenceDetails": "%SiemensSeq%\\tfl",
	"RefLinesPE": 64,
	"PercentPhaseFOV": 100,
	"PercentSampling": 100,
	"PhaseEncodingSteps": 255,
	"AcquisitionMatrixPE": 256,
	"ReconMatrixPE": 256,
	"ParallelReductionFactorInPlane": 2,
	"PixelBandwidth": 130,
	"DwellTime": 1.5e-05,
	"ImageOrientationPatientDICOM": [
		-0.0278432,
		0.999612,
		-4.24598e-08,
		0.0278912,
		0.000776838,
		-0.999611	],
	"InPlanePhaseEncodingDirectionDICOM": "ROW",
	"ConversionSoftware": "dcm2niix",
	"ConversionSoftwareVersion": "v1.0.20210317"
}
